GIT
  remote: git://github.com/eventmachine/eventmachine.git
  revision: 0de31a845fdb428a98d9c64b4e9593fd95e24683
  specs:
    eventmachine (1.0.8)

GEM
  remote: https://rubygems.org/
  specs:
    addressable (2.3.8)
    cookiejar (0.3.2)
    em-eventsource (0.2.1)
      em-http-request (~> 1.0)
      eventmachine (~> 1.0)
    em-http-request (1.1.2)
      addressable (>= 2.3.4)
      cookiejar
      em-socksify (>= 0.3)
      eventmachine (>= 1.0.3)
      http_parser.rb (>= 0.6.0)
    em-socksify (0.3.1)
      eventmachine (>= 1.0.0.beta.4)
    http_parser.rb (0.6.0)

PLATFORMS
  ruby

DEPENDENCIES
  em-eventsource
  em-http-request
  eventmachine!

BUNDLED WITH
   1.10.6
